GEM
  remote: https://rubygems.org/
  specs:
    chunky_png (1.3.11)
    ffi (1.11.1)
    rqrcode (1.1.2)
      chunky_png (~> 1.0)
      rqrcode_core (~> 0.1)
    rqrcode_core (0.1.1)
    zbar (0.3.0)
      ffi (~> 1.0)

PLATFORMS
  ruby

DEPENDENCIES
  rqrcode
  zbar

BUNDLED WITH
   2.0.2
